GEM
  remote: http://rubygems.org/
  specs:
    adsf (1.1.1)
      rack (>= 1.0.0)
    builder (3.1.4)
    chunky_png (1.2.7)
    coderay (1.0.8)
    colored (1.2)
    compass (0.12.2)
      chunky_png (~> 1.2)
      fssm (>= 0.2.7)
      sass (~> 3.1)
    cri (2.3.0)
      colored (>= 1.2)
    fssm (0.2.10)
    haml (3.1.7)
    kramdown (0.14.2)
    nanoc (3.5.0)
      cri (~> 2.2)
    nokogiri (1.5.6)
    rack (1.5.0)
    rainpress (1.0)
    rdiscount (1.6.8)
    rubypants (0.2.0)
    sass (3.2.5)
    susy (1.0.5)
      compass (>= 0.12.2)
      sass (>= 3.2.0)
    systemu (2.5.2)
    yard (0.8.3)

PLATFORMS
  ruby

DEPENDENCIES
  adsf
  builder
  coderay
  compass
  haml
  kramdown
  nanoc
  nokogiri
  rainpress
  rdiscount
  rubypants
  susy
  systemu
  yard
