GEM
  remote: http://rubygems.org/
  specs:
    adsf (1.1.1)
      rack (>= 1.0.0)
    builder (3.0.0)
    chunky_png (1.2.5)
    coderay (1.0.6)
    compass (0.12.1)
      chunky_png (~> 1.2)
      fssm (>= 0.2.7)
      sass (~> 3.1)
    cri (2.2.1)
    ffi (1.0.11)
    fssm (0.2.9)
    haml (3.1.4)
    kramdown (0.13.5)
    nanoc (3.3.3)
      cri (~> 2.2)
    nokogiri (1.5.2)
    rack (1.4.1)
    rainpress (1.0)
    rdiscount (1.6.8)
    rubypants (0.2.0)
    sass (3.1.15)
    systemu (2.5.0)
    ultrapants (0.1)

PLATFORMS
  ruby

DEPENDENCIES
  adsf
  builder
  coderay
  compass
  ffi
  haml
  kramdown
  nanoc
  nokogiri
  rainpress
  rdiscount
  rubypants
  systemu
  ultrapants
