GEM
  remote: https://rubygems.org/
  specs:
    adsf (1.2.0)
      rack (>= 1.0.0)
    builder (3.2.2)
    chunky_png (1.3.4)
    coderay (1.1.0)
    colored (1.2)
    compass (0.12.7)
      chunky_png (~> 1.2)
      fssm (>= 0.2.7)
      sass (~> 3.2.19)
    cri (2.7.0)
      colored (~> 1.2)
    ffi (1.9.10)
    formatador (0.2.5)
    fssm (0.2.10)
    guard (2.13.0)
      formatador (>= 0.2.4)
      listen (>= 2.7, <= 4.0)
      lumberjack (~> 1.0)
      nenv (~> 0.1)
      notiffany (~> 0.0)
      pry (>= 0.9.12)
      shellany (~> 0.0)
      thor (>= 0.18.1)
    guard-nanoc (1.0.3)
      guard (~> 2.8)
      nanoc (~> 3.6)
    haml (4.0.7)
      tilt
    html5small (0.3.0)
      htmlentities (>= 4.1.0)
      nokogiri (>= 1.5.0)
    htmlentities (4.3.4)
    kramdown (1.8.0)
    listen (3.0.3)
      rb-fsevent (>= 0.9.3)
      rb-inotify (>= 0.9)
    lumberjack (1.0.9)
    method_source (0.8.2)
    mini_portile (0.6.2)
    nanoc (3.8.0)
      cri (~> 2.3)
    nanoc-typohero (1.0.0)
      nanoc (>= 3.6.7, < 4.0.0)
      typohero (>= 0.0.4, < 1.0.0)
    nenv (0.2.0)
    nokogiri (1.6.6.2)
      mini_portile (~> 0.6.0)
    notiffany (0.0.7)
      nenv (~> 0.1)
      shellany (~> 0.0)
    pry (0.10.1)
      coderay (~> 1.1.0)
      method_source (~> 0.8.1)
      slop (~> 3.4)
    rack (1.6.4)
    rainpress (1.0)
    rake (10.4.2)
    rb-fsevent (0.9.6)
    rb-inotify (0.9.5)
      ffi (>= 0.5.0)
    rubypants (0.2.0)
    sass (3.2.19)
    shellany (0.0.1)
    slop (3.6.0)
    susy (1.0.9)
      compass (>= 0.12.2)
      sass (>= 3.2.0)
    systemu (2.6.5)
    thor (0.19.1)
    tilt (2.0.1)
    typohero (0.0.5)
    yard (0.8.7.6)

PLATFORMS
  ruby

DEPENDENCIES
  adsf
  builder
  coderay
  compass
  guard
  guard-nanoc
  haml
  html5small
  kramdown
  nanoc
  nanoc-typohero
  nokogiri
  rainpress
  rake
  rubypants
  sass (~> 3.2.13)
  susy
  systemu
  yard

BUNDLED WITH
   1.10.6
