GIT
  remote: git://github.com/ddfreyne/d-mark.git
  revision: 5d25a7b334e16e36cea65ce27e1d24b9f20b41ed
  specs:
    d-mark (1.0.0a3)

GEM
  remote: https://rubygems.org/
  specs:
    adsf (1.2.1)
      rack (>= 1.0.0)
    builder (3.2.2)
    chunky_png (1.3.7)
    coderay (1.1.1)
    colored (1.2)
    compass (0.12.7)
      chunky_png (~> 1.2)
      fssm (>= 0.2.7)
      sass (~> 3.2.19)
    concurrent-ruby (1.0.2)
    cri (2.7.0)
      colored (~> 1.2)
    ffi (1.9.14)
    ffi-aspell (1.1.0)
      ffi
    formatador (0.2.5)
    fssm (0.2.10)
    guard (2.14.0)
      formatador (>= 0.2.4)
      listen (>= 2.7, < 4.0)
      lumberjack (~> 1.0)
      nenv (~> 0.1)
      notiffany (~> 0.0)
      pry (>= 0.9.12)
      shellany (~> 0.0)
      thor (>= 0.18.1)
    guard-compat (1.2.1)
    guard-nanoc (2.1.0)
      guard (~> 2.8)
      guard-compat (~> 1.0)
      nanoc (~> 4.0)
    haml (4.0.7)
      tilt
    hamster (3.0.0)
      concurrent-ruby (~> 1.0)
    htmlcompressor (0.3.1)
    json (2.0.2)
    kramdown (1.12.0)
    listen (3.1.5)
      rb-fsevent (~> 0.9, >= 0.9.4)
      rb-inotify (~> 0.9, >= 0.9.7)
      ruby_dep (~> 1.2)
    lumberjack (1.0.10)
    method_source (0.8.2)
    mini_portile2 (2.1.0)
    nanoc (4.3.5)
      cri (~> 2.3)
      hamster (~> 3.0)
      ref (~> 2.0)
    nanoc-git (1.0.1)
      nanoc (>= 3.7.0, < 5.0.0)
    nenv (0.3.0)
    nokogiri (1.6.8.1)
      mini_portile2 (~> 2.1.0)
    notiffany (0.1.1)
      nenv (~> 0.1)
      shellany (~> 0.0)
    pry (0.10.4)
      coderay (~> 1.1.0)
      method_source (~> 0.8.1)
      slop (~> 3.4)
    rack (2.0.1)
    rainpress (1.0)
    rake (11.3.0)
    rb-fsevent (0.9.7)
    rb-inotify (0.9.7)
      ffi (>= 0.5.0)
    ref (2.0.0)
    ruby_dep (1.5.0)
    rubypants (0.5.1)
    sass (3.2.19)
    shellany (0.0.1)
    slop (3.6.0)
    stackprof (0.2.10)
    susy (1.0.9)
      compass (>= 0.12.2)
      sass (>= 3.2.0)
    systemu (2.6.5)
    terminal-notifier-guard (1.7.0)
    thor (0.19.1)
    tilt (2.0.5)
    w3c_validators (1.2)
      json
      nokogiri

PLATFORMS
  ruby

DEPENDENCIES
  adsf
  builder
  coderay
  compass
  d-mark!
  ffi-aspell
  guard-nanoc
  haml
  htmlcompressor
  kramdown
  nanoc (~> 4.2)
  nanoc-git
  nokogiri
  rainpress
  rake
  rubypants
  sass (~> 3.2.13)
  stackprof
  susy
  systemu
  terminal-notifier-guard
  w3c_validators

BUNDLED WITH
   1.13.3
