GEM
  remote: https://rubygems.org/
  specs:
    addressable (2.5.2)
      public_suffix (>= 2.0.2, < 4.0)
    adsf (1.4.0)
      rack (>= 1.0.0, < 3.0.0)
    adsf-live (1.4.0)
      adsf (~> 1.3)
      em-websocket (~> 0.5)
      eventmachine (~> 1.2)
      listen (~> 3.0)
      rack-livereload (~> 0.3)
    builder (3.2.3)
    coderay (1.1.2)
    colored (1.2)
    concurrent-ruby (1.0.5)
    cri (2.10.1)
      colored (~> 1.2)
    d-mark (1.0.0a4)
    ddmemoize (1.0.0a2)
      ddtelemetry (= 1.0.0a1)
      ref (~> 2.0)
    ddplugin (1.0.1)
    ddtelemetry (1.0.0a1)
    em-websocket (0.5.1)
      eventmachine (>= 0.12.9)
      http_parser.rb (~> 0.6.0)
    eventmachine (1.2.5)
    ffi (1.9.18)
    ffi-aspell (1.1.0)
      ffi
    hamster (3.0.0)
      concurrent-ruby (~> 1.0)
    htmlcompressor (0.3.1)
    http_parser.rb (0.6.0)
    json (2.1.0)
    kramdown (1.16.2)
    libv8 (3.16.14.19)
    listen (3.1.5)
      rb-fsevent (~> 0.9, >= 0.9.4)
      rb-inotify (~> 0.9, >= 0.9.7)
      ruby_dep (~> 1.2)
    mini_portile2 (2.3.0)
    nanoc (4.8.17)
      addressable (~> 2.5)
      cri (~> 2.8)
      ddmemoize (= 1.0.0a2)
      ddplugin (~> 1.0)
      ddtelemetry (= 1.0.0a1)
      hamster (~> 3.0)
      ref (~> 2.0)
      slow_enumerator_tools (~> 1.0)
    nanoc-live (1.0.0a2)
      adsf-live (~> 1.4)
      listen (~> 3.0)
      nanoc (~> 4.8, >= 4.8.16)
    nokogiri (1.8.1)
      mini_portile2 (~> 2.3.0)
    public_suffix (3.0.1)
    rack (2.0.3)
    rack-livereload (0.3.16)
      rack
    rainpress (1.0.1)
    rake (12.3.0)
    rb-fsevent (0.10.2)
    rb-inotify (0.9.10)
      ffi (>= 0.5.0, < 2)
    ref (2.0.0)
    ruby_dep (1.5.0)
    sass (3.5.4)
      sass-listen (~> 4.0.0)
    sass-listen (4.0.0)
      rb-fsevent (~> 0.9, >= 0.9.4)
      rb-inotify (~> 0.9, >= 0.9.7)
    slow_enumerator_tools (1.1.0)
    terminal-notifier (2.0.0)
    terminal-notifier-guard (1.7.0)
    therubyracer (0.12.3)
      libv8 (~> 3.16.14.15)
      ref
    w3c_validators (1.3.3)
      json (>= 1.8)
      nokogiri (~> 1.6)
    warning (0.10.1)

PLATFORMS
  ruby

DEPENDENCIES
  adsf
  builder
  coderay
  d-mark (~> 1.0.0a4)
  ffi-aspell
  htmlcompressor
  kramdown
  nanoc (~> 4.2)
  nanoc-live (~> 1.0.0a)
  nokogiri
  rainpress
  rake
  sass (~> 3.4)
  terminal-notifier
  terminal-notifier-guard
  therubyracer
  w3c_validators
  warning

BUNDLED WITH
   1.16.1
