GEM
  remote: https://rubygems.org/
  specs:
    addressable (2.7.0)
      public_suffix (>= 2.0.2, < 5.0)
    adsf (1.4.2)
      rack (>= 1.0.0, < 3.0.0)
    adsf-live (1.4.2)
      adsf (~> 1.3)
      em-websocket (~> 0.5)
      eventmachine (~> 1.2)
      listen (~> 3.0)
      rack-livereload (~> 0.3)
    ast (2.4.0)
    builder (3.2.3)
    coderay (1.1.2)
    colored (1.2)
    concurrent-ruby (1.1.5)
    cri (2.15.9)
    d-mark (1.0.0b1)
    ddmemoize (1.0.0)
      ddmetrics (~> 1.0)
      ref (~> 2.0)
    ddmetrics (1.0.1)
    ddplugin (1.0.2)
    diff-lcs (1.3)
    em-websocket (0.5.1)
      eventmachine (>= 0.12.9)
      http_parser.rb (~> 0.6.0)
    equatable (0.6.1)
    eventmachine (1.2.7)
    ffi (1.11.1)
    ffi-aspell (1.1.0)
      ffi
    hamster (3.0.0)
      concurrent-ruby (~> 1.0)
    htmlcompressor (0.4.0)
    http_parser.rb (0.6.0)
    jaro_winkler (1.5.3)
    json (2.2.0)
    json_schema (0.20.7)
    kramdown (2.1.0)
    libv8 (3.16.14.19)
    listen (3.1.5)
      rb-fsevent (~> 0.9, >= 0.9.4)
      rb-inotify (~> 0.9, >= 0.9.7)
      ruby_dep (~> 1.2)
    mini_portile2 (2.4.0)
    nanoc (4.11.11)
      addressable (~> 2.5)
      colored (~> 1.2)
      cri (~> 2.15)
      diff-lcs (~> 1.3)
      nanoc-core (= 4.11.11)
      parallel (~> 1.12)
      tomlrb (~> 1.2)
      tty-command (~> 0.8)
      tty-platform (~> 0.2)
      tty-which (~> 0.4)
    nanoc-core (4.11.11)
      ddmemoize (~> 1.0)
      ddmetrics (~> 1.0)
      ddplugin (~> 1.0)
      hamster (~> 3.0)
      json_schema (~> 0.19)
      slow_enumerator_tools (~> 1.0)
      zeitwerk (~> 2.1)
    nanoc-live (1.0.0b4)
      adsf-live (~> 1.4)
      cri (~> 2.13)
      listen (~> 3.0)
      nanoc (~> 4.11, >= 4.11.5)
    nokogiri (1.10.4)
      mini_portile2 (~> 2.4.0)
    parallel (1.17.0)
    parser (2.6.4.0)
      ast (~> 2.4.0)
    pastel (0.7.3)
      equatable (~> 0.6)
      tty-color (~> 0.5)
    public_suffix (4.0.1)
    rack (2.0.7)
    rack-livereload (0.3.17)
      rack
    rainbow (3.0.0)
    rainpress (1.0.1)
    rake (12.3.3)
    rb-fsevent (0.10.3)
    rb-inotify (0.10.0)
      ffi (~> 1.0)
    ref (2.0.0)
    rubocop (0.74.0)
      jaro_winkler (~> 1.5.1)
      parallel (~> 1.10)
      parser (>= 2.6)
      rainbow (>= 2.2.2, < 4.0)
      ruby-progressbar (~> 1.7)
      unicode-display_width (>= 1.4.0, < 1.7)
    ruby-progressbar (1.10.1)
    ruby_dep (1.5.0)
    sass (3.7.4)
      sass-listen (~> 4.0.0)
    sass-listen (4.0.0)
      rb-fsevent (~> 0.9, >= 0.9.4)
      rb-inotify (~> 0.9, >= 0.9.7)
    slow_enumerator_tools (1.1.0)
    terminal-notifier (2.0.0)
    terminal-notifier-guard (1.7.0)
    therubyracer (0.12.3)
      libv8 (~> 3.16.14.15)
      ref
    tomlrb (1.2.8)
    tty-color (0.5.0)
    tty-command (0.8.2)
      pastel (~> 0.7.0)
    tty-platform (0.2.1)
    tty-which (0.4.1)
    unicode-display_width (1.6.0)
    w3c_validators (1.3.4)
      json (>= 1.8)
      nokogiri (~> 1.6)
    zeitwerk (2.1.10)

PLATFORMS
  ruby

DEPENDENCIES
  adsf
  builder
  coderay
  d-mark (~> 1.0.0b)
  ffi-aspell
  htmlcompressor
  kramdown
  nanoc (~> 4.9, >= 4.9.6)
  nanoc-live (~> 1.0.0b)
  nokogiri
  rainpress
  rake
  rubocop
  sass (~> 3.4)
  terminal-notifier
  terminal-notifier-guard
  therubyracer
  w3c_validators

BUNDLED WITH
   1.17.3
