GEM
  remote: http://rubygems.org/
  specs:
    adsf (1.0.1)
      rack (>= 1.0.0)
    builder (3.0.0)
    chunky_png (1.2.5)
    coderay (1.0.5)
    compass (0.12.1)
      chunky_png (~> 1.2)
      fssm (>= 0.2.7)
      sass (~> 3.1)
    cri (2.2.0)
    fssm (0.2.8.1)
    haml (3.1.4)
    kramdown (0.13.5)
    nanoc (3.3.2)
      cri (~> 2.2)
    nokogiri (1.5.2)
    rack (1.4.1)
    rainpress (1.0)
    rdiscount (1.6.8)
    rubypants (0.2.0)
    sass (3.1.15)
    systemu (2.5.0)

PLATFORMS
  ruby

DEPENDENCIES
  adsf
  builder
  coderay
  compass
  haml
  kramdown
  nanoc
  nokogiri
  rainpress
  rdiscount
  rubypants
  systemu
