GEM
  remote: http://rubygems.org/
  specs:
    adsf (1.1.1)
      rack (>= 1.0.0)
    builder (3.1.3)
    chunky_png (1.2.6)
    coderay (1.0.7)
    colored (1.2)
    compass (0.12.2)
      chunky_png (~> 1.2)
      fssm (>= 0.2.7)
      sass (~> 3.1)
    cri (2.3.0)
      colored (>= 1.2)
    fast-aleck (0.1)
    fssm (0.2.9)
    haml (3.1.7)
    kramdown (0.14.0)
    nanoc (3.4.1)
      cri (~> 2.2)
    nokogiri (1.5.5)
    rack (1.4.1)
    rainpress (1.0)
    rdiscount (1.6.8)
    rubypants (0.2.0)
    sass (3.2.1)
    systemu (2.5.2)

PLATFORMS
  ruby

DEPENDENCIES
  adsf
  builder
  coderay
  compass
  fast-aleck
  haml
  kramdown
  nanoc
  nokogiri
  rainpress
  rdiscount
  rubypants
  systemu
