GIT
  remote: https://github.com/cowboyd/therubyracer.git
  revision: 466a1f0d4f696acfe971899272359623ec0a7a97
  specs:
    therubyracer (0.12.3)
      libv8 (~> 3.16.14.15)
      ref

GIT
  remote: https://github.com/ddfreyne/d-mark.git
  revision: 9b209c60960fcb2e263b7392e795c4541b26a37a
  specs:
    d-mark (1.0.0a3)

GEM
  remote: https://rubygems.org/
  specs:
    adsf (1.2.1)
      rack (>= 1.0.0)
    builder (3.2.3)
    coderay (1.1.1)
    colored (1.2)
    concurrent-ruby (1.0.5)
    cri (2.8.0)
      colored (~> 1.2)
    ddplugin (1.0.1)
    ffi (1.9.18)
    ffi-aspell (1.1.0)
      ffi
    formatador (0.2.5)
    guard (2.14.1)
      formatador (>= 0.2.4)
      listen (>= 2.7, < 4.0)
      lumberjack (~> 1.0)
      nenv (~> 0.1)
      notiffany (~> 0.0)
      pry (>= 0.9.12)
      shellany (~> 0.0)
      thor (>= 0.18.1)
    guard-compat (1.2.1)
    guard-nanoc (2.1.2)
      guard (~> 2.8)
      guard-compat (~> 1.0)
      nanoc (>= 4.3.8, < 5.0)
    haml (5.0.0)
      temple (>= 0.8.0)
      tilt
    hamster (3.0.0)
      concurrent-ruby (~> 1.0)
    htmlcompressor (0.3.1)
    json (2.1.0)
    kramdown (1.13.2)
    libv8 (3.16.14.19)
    listen (3.1.5)
      rb-fsevent (~> 0.9, >= 0.9.4)
      rb-inotify (~> 0.9, >= 0.9.7)
      ruby_dep (~> 1.2)
    lumberjack (1.0.11)
    method_source (0.8.2)
    mini_portile2 (2.1.0)
    nanoc (4.7.9)
      cri (~> 2.8)
      ddplugin (~> 1.0)
      hamster (~> 3.0)
      ref (~> 2.0)
    nenv (0.3.0)
    nokogiri (1.7.1)
      mini_portile2 (~> 2.1.0)
    notiffany (0.1.1)
      nenv (~> 0.1)
      shellany (~> 0.0)
    pry (0.10.4)
      coderay (~> 1.1.0)
      method_source (~> 0.8.1)
      slop (~> 3.4)
    rack (2.0.1)
    rainpress (1.0.1)
    rake (12.0.0)
    rb-fsevent (0.9.8)
    rb-inotify (0.9.8)
      ffi (>= 0.5.0)
    ref (2.0.0)
    ruby_dep (1.5.0)
    rubypants (0.6.0)
    sass (3.4.23)
    shellany (0.0.1)
    slop (3.6.0)
    stackprof (0.2.10)
    systemu (2.6.5)
    temple (0.8.0)
    terminal-notifier-guard (1.7.0)
    thor (0.19.4)
    tilt (2.0.7)
    w3c_validators (1.3.2)
      json (>= 1.8)
      nokogiri (~> 1.6)
    warning (0.10.0)

PLATFORMS
  ruby

DEPENDENCIES
  adsf
  builder
  coderay
  d-mark!
  ffi-aspell
  guard-nanoc
  haml
  htmlcompressor
  kramdown
  nanoc (~> 4.2)
  nokogiri
  rainpress
  rake
  rubypants
  sass (~> 3.4)
  stackprof
  systemu
  terminal-notifier-guard
  therubyracer!
  w3c_validators
  warning

BUNDLED WITH
   1.14.6
